GEM
  remote: https://rubygems.org/
  specs:
    agent (0.11.0)
    minitest (5.8.3)

PLATFORMS
  ruby

DEPENDENCIES
  agent
  minitest

BUNDLED WITH
   1.11.2
